GEM
  remote: http://rubygems.org/
  remote: http://download.bioinformatics.northwestern.edu/gems/
  specs:
    actionmailer (2.3.4)
      actionpack (= 2.3.4)
    actionpack (2.3.4)
      activesupport (= 2.3.4)
      rack (~> 1.0.0)
    activerecord (2.3.4)
      activesupport (= 2.3.4)
    activeresource (2.3.4)
      activesupport (= 2.3.4)
    activesupport (2.3.4)
    bcdatabase (1.0.0)
      activesupport (>= 2.0)
      highline (>= 1.4)
    builder (2.1.2)
    calendar_date_select (1.15)
    capistrano (2.5.19)
      highline
      net-scp (>= 1.0.0)
      net-sftp (>= 2.0.0)
      net-ssh (>= 2.0.14)
      net-ssh-gateway (>= 1.0.0)
    factory_girl (1.2.4)
    fastercsv (1.5.3)
    haml (3.0.24)
    highline (1.6.1)
    net-scp (1.0.4)
      net-ssh (>= 1.99.1)
    net-sftp (2.0.5)
      net-ssh (>= 2.0.9)
    net-ssh (2.0.23)
    net-ssh-gateway (1.0.1)
      net-ssh (>= 1.99.1)
    pg (0.9.0)
    rack (1.0.1)
    rails (2.3.4)
      actionmailer (= 2.3.4)
      actionpack (= 2.3.4)
      activerecord (= 2.3.4)
      activeresource (= 2.3.4)
      activesupport (= 2.3.4)
      rake (>= 0.8.3)
    rake (0.8.7)
    rspec (1.3.0)
    rspec-rails (1.3.2)
      rack (>= 1.0.0)
      rspec (>= 1.3.0)
    rubycas-client (2.1.0)
      activesupport
    surveyor (0.18.0)
      fastercsv
      haml
    will_paginate (2.3.11)

PLATFORMS
  java
  ruby

DEPENDENCIES
  bcdatabase (= 1.0.0)
  builder (= 2.1.2)
  bundler
  calendar_date_select (= 1.15)
  capistrano
  factory_girl (= 1.2.4)
  highline (= 1.6.1)
  pg
  rails (= 2.3.4)
  rake (= 0.8.7)
  rspec (= 1.3.0)
  rspec-rails (= 1.3.2)
  rubycas-client (= 2.1.0)
  surveyor
  will_paginate (= 2.3.11)
